GEM
  remote: https://rubygems.org/
  specs:
    docile (1.1.5)
    json (2.2.0)
    simplecov (0.12.0)
      docile (~> 1.1.0)
      json (>= 1.8, < 3)
      simplecov-html (~> 0.10.0)
    simplecov-html (0.10.2)
    terminal-table (1.8.0)
      unicode-display_width (~> 1.1, >= 1.1.1)
    unicode-display_width (1.5.0)

PLATFORMS
  ruby

DEPENDENCIES
  simplecov (~> 0.12.0)
  terminal-table (~> 1.8)

BUNDLED WITH
   2.0.1
