GEM
  remote: https://rubygems.org/
  specs:
    terminal-table (1.8.0)
      unicode-display_width (~> 1.1, >= 1.1.1)
    unicode-display_width (1.5.0)

PLATFORMS
  ruby

DEPENDENCIES
  terminal-table (~> 1.8)

BUNDLED WITH
   2.0.1
